GEM
  remote: http://rubygems.org/
  specs:
    flickr_fu (0.3.0)
      mime-types (> 0.0.0)
      xml-magic (> 0.0.0)
    haml (3.0.22)
    mime-types (1.16)
    rack (1.2.1)
    sinatra (1.0)
      rack (>= 1.0)
    xml-magic (0.1.1)

PLATFORMS
  ruby

DEPENDENCIES
  flickr_fu
  haml
  sinatra
